GEM
  remote: https://rubygems.org/
  specs:
    coderay (1.1.3)
    method_source (1.0.0)
    ox (2.14.18)
    pry (0.14.2)
      coderay (~> 1.1)
      method_source (~> 1.0)
    stomp (1.4.10)

PLATFORMS
  ruby
  x86_64-linux

DEPENDENCIES
  ox
  pry
  stomp

BUNDLED WITH
   2.5.6
